PATH
  remote: .
  specs:
    rubytter (1.5.0)
      json (>= 1.1.3)
      oauth (>= 0.3.6)

GEM
  remote: http://rubygems.org/
  specs:
    json (1.7.7)
    oauth (0.4.7)
    rake (10.0.4)
    rspec (1.3.2)

PLATFORMS
  ruby

DEPENDENCIES
  rake
  rspec (~> 1.0)
  rubytter!
